GIT
  remote: https://github.com/tulibraries/cob_index.git
  revision: 7adb789905dca6061a234e13563ee292b86a9cac
  tag: v0.13.4
  specs:
    cob_index (0.1.0)
      gli (~> 2.18)
      library_stdnums (~> 1.6)
      traject (~> 3.1)

GIT
  remote: https://github.com/tulibraries/lc_solr_sortable
  revision: 8bd069d71e5253c6c360ab5fa80a4c5f39ca76af
  branch: main
  specs:
    lc_solr_sortable (0.1.0)

GEM
  remote: https://rubygems.org/
  specs:
    activesupport (7.1.3.2)
      base64
      bigdecimal
      concurrent-ruby (~> 1.0, >= 1.0.2)
      connection_pool (>= 2.2.5)
      drb
      i18n (>= 1.6, < 2)
      minitest (>= 5.1)
      mutex_m
      tzinfo (~> 2.0)
    addressable (2.8.6)
      public_suffix (>= 2.0.2, < 6.0)
    alma (0.5.0)
      activesupport
      httparty
      xml-simple
    base64 (0.2.0)
    bigdecimal (3.1.7)
    builder (3.2.4)
    concurrent-ruby (1.2.3)
    connection_pool (2.4.1)
    diff-lcs (1.5.1)
    domain_name (0.6.20240107)
    dot-properties (0.1.4)
      bundler (>= 2.2.33)
    drb (2.2.1)
    faraday (2.9.0)
      faraday-net_http (>= 2.0, < 3.2)
    faraday-net_http (3.1.0)
      net-http
    ffi (1.16.3)
    ffi-compiler (1.3.1)
      ffi (>= 1.15.5)
      rake
    gli (2.21.1)
    hashie (5.0.0)
    http (5.2.0)
      addressable (~> 2.8)
      base64 (~> 0.1)
      http-cookie (~> 1.0)
      http-form_data (~> 2.2)
      llhttp-ffi (~> 0.5.0)
    http-cookie (1.0.5)
      domain_name (~> 0.5)
    http-form_data (2.3.0)
    httparty (0.21.0)
      mini_mime (>= 1.0.0)
      multi_xml (>= 0.5.2)
    httpclient (2.8.3)
    i18n (1.14.4)
      concurrent-ruby (~> 1.0)
    library_stdnums (1.6.0)
    llhttp-ffi (0.5.0)
      ffi-compiler (~> 1.0)
      rake (~> 13.0)
    marc (1.2.0)
      rexml
      scrub_rb (>= 1.0.1, < 2)
      unf
    marc-fastxmlwriter (1.1.0)
      marc (~> 1.0)
    mini_mime (1.1.5)
    minitest (5.22.3)
    multi_xml (0.6.0)
    mutex_m (0.2.0)
    net-http (0.4.1)
      uri
    nokogiri (1.16.2-arm64-darwin)
      racc (~> 1.4)
    nokogiri (1.16.2-x86_64-darwin)
      racc (~> 1.4)
    nokogiri (1.16.2-x86_64-linux)
      racc (~> 1.4)
    public_suffix (5.0.4)
    racc (1.7.3)
    rake (13.1.0)
    rexml (3.2.6)
    rsolr (2.6.0)
      builder (>= 2.1.2)
      faraday (>= 0.9, < 3, != 2.0.0)
    rspec (3.13.0)
      rspec-core (~> 3.13.0)
      rspec-expectations (~> 3.13.0)
      rspec-mocks (~> 3.13.0)
    rspec-core (3.13.0)
      rspec-support (~> 3.13.0)
    rspec-expectations (3.13.0)
      diff-lcs (>= 1.2.0, < 2.0)
      rspec-support (~> 3.13.0)
    rspec-mocks (3.13.0)
      diff-lcs (>= 1.2.0, < 2.0)
      rspec-support (~> 3.13.0)
    rspec-support (3.13.0)
    scrub_rb (1.0.1)
    slop (4.10.1)
    traject (3.8.2)
      concurrent-ruby (>= 0.8.0)
      dot-properties (>= 0.1.1)
      hashie (>= 3.1, < 6)
      http (>= 3.0, < 6)
      httpclient (~> 2.5)
      marc (~> 1.0)
      marc-fastxmlwriter (~> 1.0)
      nokogiri (~> 1.9)
      slop (~> 4.0)
      yell
    tzinfo (2.0.6)
      concurrent-ruby (~> 1.0)
    unf (0.1.4)
      unf_ext
    unf_ext (0.0.9.1)
    uri (0.13.0)
    xml-simple (1.1.9)
      rexml
    yell (2.2.2)

PLATFORMS
  arm64-darwin-21
  x86_64-darwin-20
  x86_64-linux

DEPENDENCIES
  alma
  cob_index!
  lc_solr_sortable!
  rsolr
  rspec

BUNDLED WITH
   2.4.6
